PATH
  remote: .
  specs:
    net-ftp-list (3.3.0)

GEM
  remote: https://rubygems.org/
  specs:
    ast (2.4.2)
    parallel (1.20.1)
    parser (3.0.1.1)
      ast (~> 2.4.1)
    power_assert (2.0.0)
    rainbow (3.0.0)
    rake (13.0.3)
    regexp_parser (2.1.1)
    rexml (3.2.5)
    rubocop (1.15.0)
      parallel (~> 1.10)
      parser (>= 3.0.0.0)
      rainbow (>= 2.2.2, < 4.0)
      regexp_parser (>= 1.8, < 3.0)
      rexml
      rubocop-ast (>= 1.5.0, < 2.0)
      ruby-progressbar (~> 1.7)
      unicode-display_width (>= 1.4.0, < 3.0)
    rubocop-ast (1.6.0)
      parser (>= 3.0.1.1)
    rubocop-bsm (0.6.0)
      rubocop (~> 1.0)
      rubocop-performance
      rubocop-rake
      rubocop-rspec
    rubocop-performance (1.11.3)
      rubocop (>= 1.7.0, < 2.0)
      rubocop-ast (>= 0.4.0)
    rubocop-rake (0.5.1)
      rubocop
    rubocop-rspec (2.3.0)
      rubocop (~> 1.0)
      rubocop-ast (>= 1.1.0)
    ruby-progressbar (1.11.0)
    test-unit (3.4.1)
      power_assert
    timecop (0.9.4)
    unicode-display_width (2.0.0)

PLATFORMS
  ruby

DEPENDENCIES
  net-ftp-list!
  rake
  rubocop-bsm
  test-unit
  timecop

BUNDLED WITH
   2.2.17
